GEM
  remote: http://rubygems.org/
  specs:
    actionpack (2.3.9)
      activesupport (= 2.3.9)
      rack (~> 1.1.0)
    activerecord (2.3.9)
      activesupport (= 2.3.9)
    activesupport (2.3.9)
    autotest (4.3.2)
    configatron (2.6.4)
      yamler (>= 0.1.0)
    diff-lcs (1.1.2)
    git (1.2.5)
    jeweler (1.5.0.pre3)
      bundler (~> 1.0.0)
      git (>= 1.2.5)
      rake
    rack (1.1.0)
    rake (0.8.7)
    rcov (0.9.9)
    rspec (2.0.1)
      rspec-core (~> 2.0.1)
      rspec-expectations (~> 2.0.1)
      rspec-mocks (~> 2.0.1)
    rspec-core (2.0.1)
    rspec-expectations (2.0.1)
      diff-lcs (>= 1.1.2)
    rspec-mocks (2.0.1)
      rspec-core (~> 2.0.1)
      rspec-expectations (~> 2.0.1)
    sqlite3-ruby (1.3.1)
    yamler (0.1.0)

PLATFORMS
  ruby

DEPENDENCIES
  actionpack (~> 2.3.8)
  activerecord (~> 2.3.8)
  autotest
  bundler (>= 1.0.0.rc.5)
  configatron
  jeweler (~> 1.5.0.pre2)
  rcov
  rspec (>= 2.0.0)
  sqlite3-ruby
